GEM
  remote: https://rubygems.org/
  specs:
    aws (2.10.2)
      http_connection
      uuidtools
      xml-simple
    domain_name (0.5.24)
      unf (>= 0.0.5, < 1.0.0)
    http-cookie (1.0.2)
      domain_name (~> 0.5)
    http_connection (1.4.4)
    iron_core (1.0.9)
      rest (>= 3.0.4)
    iron_mq (5.0.1)
      iron_core (>= 0.5.1)
    iron_worker (3.2.0)
      iron_core (>= 0.5.1)
      json (> 1.8.1)
      rest (>= 3.0.6)
    json (1.8.3)
    mime-types (2.6.2)
    mini_magick (4.3.3)
    net-http-persistent (2.9.4)
    netrc (0.10.3)
    rest (3.0.6)
      net-http-persistent (>= 2.9.1)
      netrc
    rest-client (1.8.0)
      http-cookie (>= 1.0.2, < 2.0)
      mime-types (>= 1.16, < 3.0)
      netrc (~> 0.7)
    subexec (0.2.3)
    unf (0.1.4)
      unf_ext
    unf_ext (0.0.7.1)
    uuidtools (2.1.5)
    xml-simple (1.1.5)

PLATFORMS
  ruby

DEPENDENCIES
  aws
  iron_mq
  iron_worker (>= 3.0.0)
  mini_magick
  rest-client
  subexec
